PATH
  remote: .
  specs:
    nibjs (1.0.0)
      bundler (~> 1.0)
      quickl (~> 0.2.0)

GEM
  remote: http://rubygems.org/
  specs:
    bluecloth (2.0.10)
    diff-lcs (1.1.2)
    quickl (0.2.0)
    rack (1.2.1)
    rake (0.8.7)
    rspec (2.4.0)
      rspec-core (~> 2.4.0)
      rspec-expectations (~> 2.4.0)
      rspec-mocks (~> 2.4.0)
    rspec-core (2.4.0)
    rspec-expectations (2.4.0)
      diff-lcs (~> 1.1.2)
    rspec-mocks (2.4.0)
    sinatra (1.1.2)
      rack (~> 1.1)
      tilt (~> 1.2)
    tilt (1.2.2)
    wlang (0.10.1)
    yard (0.6.4)

PLATFORMS
  ruby

DEPENDENCIES
  bluecloth (~> 2.0.9)
  bundler (~> 1.0)
  nibjs!
  quickl (~> 0.2.0)
  rake (~> 0.8.7)
  rspec (~> 2.4.0)
  sinatra (> 0)
  wlang (~> 0.10.1)
  yard (~> 0.6.4)
